GEM
  remote: https://rubygems.org/
  specs:
    activesupport (4.2.7.1)
      i18n (~> 0.7)
      json (~> 1.7, >= 1.7.7)
      minitest (~> 5.1)
      thread_safe (~> 0.3, >= 0.3.4)
      tzinfo (~> 1.1)
    dalli (2.7.6)
    i18n (0.7.0)
    json (1.8.3)
    json (1.8.3-java)
    minitest (5.9.1)
    minitest-hooks (1.4.0)
    rake (11.3.0)
    rubyzip (1.2.0)
    tcp_timeout (0.1.1)
    thread_safe (0.3.5)
    thread_safe (0.3.5-java)
    tzinfo (1.2.2)
      thread_safe (~> 0.1)

PLATFORMS
  java
  ruby

DEPENDENCIES
  activesupport (~> 4.2)
  dalli
  minitest-hooks
  rake
  rubyzip
  tcp_timeout

BUNDLED WITH
   1.13.5
