GEM
  remote: https://rubygems.org/
  specs:
    activesupport (5.0.0.1)
      concurrent-ruby (~> 1.0, >= 1.0.2)
      i18n (~> 0.7)
      minitest (~> 5.1)
      tzinfo (~> 1.1)
    concurrent-ruby (1.0.2)
    dalli (2.7.6)
    i18n (0.7.0)
    minitest (5.9.0)
    minitest-hooks (1.4.0)
    rake (10.3.2)
    rubyzip (1.2.0)
    tcp_timeout (0.1.1)
    thread_safe (0.3.5)
    tzinfo (1.2.2)
      thread_safe (~> 0.1)

PLATFORMS
  ruby

DEPENDENCIES
  activesupport
  dalli
  minitest-hooks
  rake
  rubyzip
  tcp_timeout

BUNDLED WITH
   1.10.6
